PATH
  remote: .
  specs:
    onliest (0.1.0)

GEM
  remote: https://rubygems.org/
  specs:
    minitest (5.5.1)
    rake (10.4.2)

PLATFORMS
  ruby

DEPENDENCIES
  minitest
  onliest!
  rake
